GEM
  remote: https://rubygems.org/
  specs:
    clap (1.0.0)
    cuba (3.4.0)
      rack
    curb (0.8.8)
    cutest (1.2.2)
      clap
    dotenv (2.0.1)
    haml (4.0.6)
      tilt
    pg (0.18.2)
    rack (1.6.1)
    rack-test (0.6.3)
      rack (>= 1.0)
    rake (10.4.2)
    sequel (4.23.0)
    sqlite3 (1.3.10)
    tilt (2.0.1)

PLATFORMS
  ruby

DEPENDENCIES
  cuba
  curb
  cutest
  dotenv
  haml
  pg
  rack-test
  rake
  sequel
  sqlite3
